GEM
  remote: https://rubygems.org/
  specs:
    ast (2.4.0)
    ffi (1.11.1)
    jaro_winkler (1.5.3)
    parallel (1.17.0)
    parser (2.6.3.0)
      ast (~> 2.4.0)
    rack (2.0.7)
    rainbow (3.0.0)
    roda (3.23.0)
      rack
    rubocop (0.74.0)
      jaro_winkler (~> 1.5.1)
      parallel (~> 1.10)
      parser (>= 2.6)
      rainbow (>= 2.2.2, < 4.0)
      ruby-progressbar (~> 1.7)
      unicode-display_width (>= 1.4.0, < 1.7)
    ruby-progressbar (1.10.1)
    rubyserial (0.6.0)
      ffi (~> 1.9, >= 1.9.3)
    unicode-display_width (1.6.0)

PLATFORMS
  ruby

DEPENDENCIES
  roda
  rubocop
  rubyserial

BUNDLED WITH
   2.0.2
